GEM
  remote: https://rubygems.org/
  specs:
    mini_portile2 (2.4.0)
    nokogiri (1.10.10)
      mini_portile2 (~> 2.4.0)
    rainbow (3.0.0)

PLATFORMS
  ruby

DEPENDENCIES
  nokogiri
  rainbow

BUNDLED WITH
   1.16.2
